GEM
  remote: http://rubygems.org/
  specs:
    crack (0.1.8)
    diff-lcs (1.1.2)
    fuubar (0.0.5)
      rspec (~> 2.0)
      rspec-instafail (~> 0.1.4)
      ruby-progressbar (~> 0.0.10)
    hashie (1.1.0)
    httmultiparty (0.3.1)
      httparty (>= 0.7.3)
      multipart-post
    httparty (0.7.8)
      crack (= 0.1.8)
    multipart-post (1.1.3)
    rack (1.3.2)
    rack-test (0.6.1)
      rack (>= 1.0)
    rspec (2.6.0)
      rspec-core (~> 2.6.0)
      rspec-expectations (~> 2.6.0)
      rspec-mocks (~> 2.6.0)
    rspec-core (2.6.4)
    rspec-expectations (2.6.0)
      diff-lcs (~> 1.1.2)
    rspec-instafail (0.1.8)
    rspec-mocks (2.6.0)
    ruby-progressbar (0.0.10)
    sinatra (1.2.6)
      rack (~> 1.1)
      tilt (< 2.0, >= 1.2.2)
    sinatra-namespace (0.6.1)
      sinatra (~> 1.1)
    soundcloud (0.2.4)
      hashie
      httmultiparty (~> 0.3.0)
      httparty (~> 0.7.3)
    tilt (1.3.2)

PLATFORMS
  ruby

DEPENDENCIES
  fuubar
  rack-test
  rspec
  sinatra
  sinatra-namespace
  soundcloud
