GEM
  remote: http://rubygems.org/
  specs:
    crack (0.1.8)
    hashie (1.0.0)
    httmultiparty (0.3.1)
      httparty (>= 0.7.3)
      multipart-post
    httparty (0.7.8)
      crack (= 0.1.8)
    multipart-post (1.1.2)
    rack (1.3.1)
    sinatra (1.2.6)
      rack (~> 1.1)
      tilt (>= 1.2.2, < 2.0)
    soundcloud (0.2.4)
      hashie
      httmultiparty (~> 0.3.0)
      httparty (~> 0.7.3)
    tilt (1.3.2)

PLATFORMS
  ruby

DEPENDENCIES
  sinatra
  soundcloud
