GIT
  remote: git://github.com/mschneider/soundcloud-ruby.git
  revision: c78d9fb0c4c8dc5dfdfb39f59c9c27d9cc7b64db
  specs:
    soundcloud (0.2.5)
      hashie
      httmultiparty (~> 0.3.0)
      httparty (~> 0.7.3)

GEM
  remote: http://rubygems.org/
  specs:
    crack (0.1.8)
    diff-lcs (1.1.2)
    fakeweb (1.3.0)
    hashie (1.1.0)
    httmultiparty (0.3.2)
      httparty (>= 0.7.3)
      multipart-post
    httparty (0.7.8)
      crack (= 0.1.8)
    multipart-post (1.1.3)
    rack (1.3.2)
    rack-test (0.6.1)
      rack (>= 1.0)
    rspec (2.6.0)
      rspec-core (~> 2.6.0)
      rspec-expectations (~> 2.6.0)
      rspec-mocks (~> 2.6.0)
    rspec-core (2.6.4)
    rspec-expectations (2.6.0)
      diff-lcs (~> 1.1.2)
    rspec-mocks (2.6.0)
    shotgun (0.9)
      rack (>= 1.0)
    sinatra (1.2.6)
      rack (~> 1.1)
      tilt (< 2.0, >= 1.2.2)
    sinatra-namespace (0.6.1)
      sinatra (~> 1.1)
    tilt (1.3.2)
    timecop (0.3.5)

PLATFORMS
  ruby

DEPENDENCIES
  fakeweb (~> 1.3.0)
  rack-test (~> 0.6.1)
  rspec (~> 2.6.0)
  shotgun
  sinatra (~> 1.2.6)
  sinatra-namespace (~> 0.6.1)
  soundcloud!
  timecop (~> 0.3.5)
