GIT
  remote: git://github.com/igrigorik/em-http-request.git
  revision: d67272f95cfa4c486f019d6922bc0c839dd83ca5
  ref: d67272f
  specs:
    em-http-request (1.0.0.beta.4)
      addressable (>= 2.2.3)
      em-socksify
      eventmachine (>= 1.0.0.beta.3)
      http_parser.rb (>= 0.5.1)

GIT
  remote: git://github.com/igrigorik/em-synchrony.git
  revision: f9047648f541959ce89b88052c9a337fe707c995
  ref: f904764
  specs:
    em-synchrony (0.3.0.beta.1)
      eventmachine (>= 1.0.0.beta.1)

GIT
  remote: git://github.com/mschneider/sinatra-synchrony.git
  revision: 08991908c6244a7e256ae4c331df9fa805aa64fe
  specs:
    mschneider-sinatra-synchrony (0.1.1)
      async-rack
      em-http-request (>= 0.3.0)
      em-resolv-replace
      em-synchrony (>= 0.2.0)
      rack-fiber_pool (= 0.9.1)
      sinatra (>= 1.0)

GIT
  remote: git://github.com/mschneider/soundcloud-ruby.git
  revision: c78d9fb0c4c8dc5dfdfb39f59c9c27d9cc7b64db
  specs:
    soundcloud (0.2.5)
      hashie
      httmultiparty (~> 0.3.0)
      httparty (~> 0.7.3)

GEM
  remote: http://rubygems.org/
  specs:
    addressable (2.2.6)
    async-rack (0.5.1)
      rack (~> 1.1)
    crack (0.1.8)
    daemons (1.1.4)
    diff-lcs (1.1.2)
    em-resolv-replace (1.1.1)
    em-socksify (0.1.0)
      eventmachine
    eventmachine (1.0.0.beta.3)
    hashie (1.1.0)
    httmultiparty (0.3.2)
      httparty (>= 0.7.3)
      multipart-post
    http_parser.rb (0.5.1)
    httparty (0.7.8)
      crack (= 0.1.8)
    multipart-post (1.1.3)
    rack (1.3.2)
    rack-fiber_pool (0.9.1)
    rack-test (0.6.1)
      rack (>= 1.0)
    rspec (2.6.0)
      rspec-core (~> 2.6.0)
      rspec-expectations (~> 2.6.0)
      rspec-mocks (~> 2.6.0)
    rspec-core (2.6.4)
    rspec-expectations (2.6.0)
      diff-lcs (~> 1.1.2)
    rspec-mocks (2.6.0)
    shotgun (0.9)
      rack (>= 1.0)
    sinatra (1.2.6)
      rack (~> 1.1)
      tilt (< 2.0, >= 1.2.2)
    sinatra-namespace (0.6.1)
      sinatra (~> 1.1)
    thin (1.2.11)
      daemons (>= 1.0.9)
      eventmachine (>= 0.12.6)
      rack (>= 1.0.0)
    tilt (1.3.2)
    timecop (0.3.5)

PLATFORMS
  ruby

DEPENDENCIES
  em-http-request!
  em-synchrony!
  mschneider-sinatra-synchrony!
  rack-test (~> 0.6.1)
  rspec (~> 2.6.0)
  shotgun
  sinatra (~> 1.2.6)
  sinatra-namespace (~> 0.6.1)
  soundcloud!
  thin (~> 1.2.11)
  timecop (~> 0.3.5)
